GEM
  remote: https://rubygems.org/
  specs:
    ast (2.4.2)
    backport (1.2.0)
    benchmark (0.2.0)
    diff-lcs (1.4.4)
    e2mmap (0.1.0)
    git (1.9.1)
      rchardet (~> 1.8)
    jaro_winkler (1.5.4)
    kramdown (2.3.1)
      rexml
    kramdown-parser-gfm (1.1.0)
      kramdown (~> 2.0)
    naturally (2.2.1)
    nokogiri (1.12.5-x64-mingw32)
      racc (~> 1.4)
    parallel (1.21.0)
    parser (3.0.2.0)
      ast (~> 2.4.1)
    racc (1.6.0)
    rainbow (3.0.0)
    rchardet (1.8.0)
    regexp_parser (2.1.1)
    reverse_markdown (2.0.0)
      nokogiri
    rexml (3.2.5)
    rubocop (1.22.2)
      parallel (~> 1.10)
      parser (>= 3.0.0.0)
      rainbow (>= 2.2.2, < 4.0)
      regexp_parser (>= 1.8, < 3.0)
      rexml
      rubocop-ast (>= 1.12.0, < 2.0)
      ruby-progressbar (~> 1.7)
      unicode-display_width (>= 1.4.0, < 3.0)
    rubocop-ast (1.12.0)
      parser (>= 3.0.1.1)
    rubocop-sketchup (1.1.0)
      rubocop (>= 0.82, < 2.0)
    ruby-progressbar (1.11.0)
    sketchup-api-stubs (0.7.7)
    skippy (0.5.1.a)
      git (~> 1.3)
      naturally (~> 2.1)
      thor (>= 0.19, < 2.0)
    solargraph (0.44.0)
      backport (~> 1.2)
      benchmark
      bundler (>= 1.17.2)
      diff-lcs (~> 1.4)
      e2mmap
      jaro_winkler (~> 1.5)
      kramdown (~> 2.3)
      kramdown-parser-gfm (~> 1.1)
      parser (~> 3.0)
      reverse_markdown (>= 1.0.5, < 3)
      rubocop (>= 0.52)
      thor (~> 1.0)
      tilt (~> 2.0)
      yard (~> 0.9, >= 0.9.24)
    thor (1.1.0)
    tilt (2.0.10)
    unicode-display_width (2.1.0)
    yard (0.9.26)

PLATFORMS
  x64-mingw32

DEPENDENCIES
  rubocop (>= 0.82, < 2.0)
  rubocop-sketchup (~> 1.1.0)
  sketchup-api-stubs
  skippy (~> 0.5.1.a)
  solargraph
  yard

BUNDLED WITH
   2.1.4
